GEM
  remote: https://rubygems.org/
  specs:
    alexa_rubykit (1.3.0)
      bundler (~> 1.7)
      rake
    mustermann (1.0.1)
    rack (2.0.3)
    rack-protection (2.0.0)
      rack
    rake (12.0.0)
    ralyxa (1.5.2)
    sinatra (2.0.0)
      mustermann (~> 1.0)
      rack (~> 2.0)
      rack-protection (= 2.0.0)
      tilt (~> 2.0)
    tilt (2.0.8)

PLATFORMS
  ruby

DEPENDENCIES
  alexa_rubykit
  ralyxa
  sinatra

BUNDLED WITH
   1.15.0
